GEM
  remote: https://rubygems.org/
  specs:
    deep_merge (1.2.2)

PLATFORMS
  aarch64-linux

DEPENDENCIES
  deep_merge (~> 1.2)

BUNDLED WITH
   2.3.7
